GEM
  remote: https://rubygems.org/
  specs:
    comp_tree (1.1.3)
    drake (0.9.2.0.3.1)
      comp_tree (>= 1.1.3)
    paint (2.1.0)

PLATFORMS
  ruby

DEPENDENCIES
  drake
  paint

BUNDLED WITH
   1.17.3
